GEM
  remote: http://rubygems.org/
  specs:
    config_env (0.1.0)
    daemons (1.2.2)
    eventmachine (1.0.7)
    ffi (1.9.8)
    json (1.8.2)
    jwt (1.5.0)
    minitest (5.6.1)
    rack (1.6.1)
    rack-protection (1.5.3)
      rack
    rack-test (0.6.3)
      rack (>= 1.0)
    rake (10.4.2)
    rbnacl (3.1.2)
      ffi
    rbnacl-libsodium (1.0.3)
      rbnacl (~> 3.0, >= 3.0.1)
    rdiscount (2.1.8)
    shotgun (0.9.1)
      rack (>= 1.0)
    sinatra (1.4.6)
      rack (~> 1.4)
      rack-protection (~> 1.4)
      tilt (>= 1.3, < 3)
    thin (1.6.3)
      daemons (~> 1.0, >= 1.0.9)
      eventmachine (~> 1.0)
      rack (~> 1.0)
    tilt (2.0.1)

PLATFORMS
  ruby

DEPENDENCIES
  config_env
  json
  jwt
  minitest
  rack
  rack-test
  rake
  rbnacl-libsodium
  rdiscount
  shotgun
  sinatra
  thin
